GEM
  remote: http://rubygems.org/
  specs:
    ffi (1.0.11)
    guard (1.0.0)
      ffi (>= 0.5.0)
      thor (~> 0.14.6)
    guard-haml (0.3.2)
      guard (>= 0.4)
      haml (>= 3.0)
    guard-sass (0.5.4)
      guard (>= 0.4.0)
      sass (>= 3.1)
    haml (3.1.4)
    highline (1.6.11)
    json_pure (1.6.5)
    mime-types (1.17.2)
    net-ssh (2.3.0)
    powder (0.1.7)
      thor (>= 0.11.5)
    rest-client (1.6.1)
      mime-types (>= 1.16)
    sass (3.1.15)
    showoff-io (0.3.1)
      highline (>= 1.6.1)
      json_pure
      net-ssh (>= 2.1.0)
      rest-client (= 1.6.1)
    thor (0.14.6)

PLATFORMS
  ruby

DEPENDENCIES
  guard-haml
  guard-sass
  powder
  showoff-io
