GEM
  remote: http://rubygems.org/
  specs:
    ffi (1.0.11)
    guard (1.0.0)
      ffi (>= 0.5.0)
      thor (~> 0.14.6)
    guard-rake (0.0.4)
      guard
      rake
    haml (3.1.4)
    highline (1.6.11)
    json_pure (1.6.5)
    mime-types (1.17.2)
    net-ssh (2.3.0)
    powder (0.1.7)
      thor (>= 0.11.5)
    rake (0.9.2.2)
    rake-pipeline (0.5.0)
      rake (~> 0.9.0)
    rake-pipeline-web-filters (0.5.0)
      rake-pipeline
    rest-client (1.6.1)
      mime-types (>= 1.16)
    sass (3.1.15)
    showoff-io (0.3.1)
      highline (>= 1.6.1)
      json_pure
      net-ssh (>= 2.1.0)
      rest-client (= 1.6.1)
    thor (0.14.6)
    tilt (1.3.3)

PLATFORMS
  ruby

DEPENDENCIES
  guard-rake
  haml
  powder
  rake-pipeline-web-filters
  sass
  showoff-io
  tilt
