PATH
  remote: .
  specs:
    guard-rake (0.0.1)
      guard
      rake

GEM
  remote: http://rubygems.org/
  specs:
    guard (0.5.1)
      thor (~> 0.14.6)
    rake (0.9.2)
    thor (0.14.6)

PLATFORMS
  ruby

DEPENDENCIES
  guard-rake!
  rake
